PATH
  remote: C:/Users/User/Documents/ruby/punch
  specs:
    punch (0.6.3)

PATH
  remote: C:/Users/User/Documents/ruby/ranch
  specs:
    ranch (0.2.1)

PATH
  remote: C:/Users/User/Documents/ruby/runch
  specs:
    runch (0.1.0)

GEM
  remote: https://rubygems.org/
  specs:
    amq-protocol (2.3.2)
    bunny (2.20.2)
      amq-protocol (~> 2.3, >= 2.3.1)
      sorted_set (~> 1, >= 1.0.2)
    minitest (5.17.0)
    pg (1.4.5-x64-mingw32)
    rack (3.0.3)
    rack-session (0.3.0)
      rack (>= 3.0.0.beta1)
    rack-test (2.0.2)
      rack (>= 1.3)
    rackup (0.2.3)
      rack (>= 3.0.0.beta1)
      webrick
    rake (13.0.6)
    rbtree (0.4.6)
    sequel (5.64.0)
    set (1.0.3)
    sorted_set (1.0.3)
      rbtree
      set (~> 1.0)
    webrick (1.7.0)

PLATFORMS
  x64-mingw32

DEPENDENCIES
  bunny (>= 2.19.0)
  minitest
  pg
  punch!
  rack
  rack-session
  rack-test
  rackup
  rake
  ranch!
  runch!
  sequel

BUNDLED WITH
   2.4.5
